GEM
  remote: https://rubygems.org/
  specs:
    activemodel (3.2.14)
      activesupport (= 3.2.14)
      builder (~> 3.0.0)
    activerecord (3.2.14)
      activemodel (= 3.2.14)
      activesupport (= 3.2.14)
      arel (~> 3.0.2)
      tzinfo (~> 0.3.29)
    activesupport (3.2.14)
      i18n (~> 0.6, >= 0.6.4)
      multi_json (~> 1.0)
    arel (3.0.2)
    builder (3.0.4)
    daemons (1.1.9)
    erubis (2.7.0)
    eventmachine (1.0.3)
    hashie (2.0.5)
    httmultiparty (0.3.10)
      httparty (>= 0.7.3)
      multipart-post
    http_router (0.11.0)
      rack (>= 1.0.0)
      url_mount (~> 0.2.1)
    httparty (0.11.0)
      multi_json (~> 1.0)
      multi_xml (>= 0.5.2)
    i18n (0.6.5)
    mail (2.5.4)
      mime-types (~> 1.16)
      treetop (~> 1.4.8)
    mime-types (1.25)
    minitest (5.0.7)
    multi_json (1.7.9)
    multi_xml (0.5.5)
    multipart-post (1.2.0)
    padrino (0.11.3)
      padrino-admin (= 0.11.3)
      padrino-cache (= 0.11.3)
      padrino-core (= 0.11.3)
      padrino-gen (= 0.11.3)
      padrino-helpers (= 0.11.3)
      padrino-mailer (= 0.11.3)
    padrino-admin (0.11.3)
      padrino-core (= 0.11.3)
      padrino-helpers (= 0.11.3)
    padrino-cache (0.11.3)
      padrino-core (= 0.11.3)
      padrino-helpers (= 0.11.3)
    padrino-core (0.11.3)
      activesupport (>= 3.1, < 4.0)
      http_router (~> 0.11.0)
      rack-protection (>= 1.5.0)
      sinatra (~> 1.4.2)
      thor (~> 0.17.0)
      tilt (~> 1.3.7)
    padrino-gen (0.11.3)
      bundler (~> 1.0)
      padrino-core (= 0.11.3)
    padrino-helpers (0.11.3)
      i18n (~> 0.6)
      padrino-core (= 0.11.3)
    padrino-mailer (0.11.3)
      mail (~> 2.5.3)
      padrino-core (= 0.11.3)
    pg (0.16.0)
    polyglot (0.3.3)
    rack (1.5.2)
    rack-protection (1.5.0)
      rack
    rack-test (0.6.2)
      rack (>= 1.0)
    rake (10.1.0)
    rmagick (2.13.2)
    rr (1.1.2)
    sass (3.2.10)
    shotgun (0.9)
      rack (>= 1.0)
    sinatra (1.4.3)
      rack (~> 1.4)
      rack-protection (~> 1.4)
      tilt (~> 1.3, >= 1.3.4)
    sinatra-flash (0.3.0)
      sinatra (>= 1.0.0)
    soundcloud (0.3.2)
      hashie (~> 2.0)
      httmultiparty (~> 0.3.0)
    thin (1.5.1)
      daemons (>= 1.0.9)
      eventmachine (>= 0.12.6)
      rack (>= 1.0.0)
    thor (0.17.0)
    tilt (1.3.7)
    treetop (1.4.15)
      polyglot
      polyglot (>= 0.3.1)
    tzinfo (0.3.37)
    url_mount (0.2.1)
      rack

PLATFORMS
  ruby

DEPENDENCIES
  activerecord (~> 3.0)
  erubis (~> 2.7.0)
  minitest
  padrino (~> 0.11)
  pg
  rack-test
  rake
  rmagick
  rr
  sass
  shotgun
  sinatra-flash
  soundcloud
  thin
